GIT
  remote: git://github.com/joecorcoran/pannier.git
  revision: df1ab437adb7cf96734cee45b82638f88530343c
  ref: HEAD
  specs:
    pannier (0.1.0)
      multi_json (~> 1.7.9)
      rack (~> 1.5.2)
      slop (~> 3.4.6)

GEM
  remote: https://rubygems.org/
  specs:
    POpen4 (0.1.4)
      Platform (>= 0.4.0)
      open4
    Platform (0.4.0)
    capistrano (2.15.5)
      highline
      net-scp (>= 1.0.0)
      net-sftp (>= 2.0.0)
      net-ssh (>= 2.0.14)
      net-ssh-gateway (>= 1.1.0)
    ffi (1.9.3)
    highline (1.6.20)
    listen (1.0.3)
      rb-fsevent (>= 0.9.3)
      rb-inotify (>= 0.9)
      rb-kqueue (>= 0.2)
    multi_json (1.7.9)
    net-scp (1.1.2)
      net-ssh (>= 2.6.5)
    net-sftp (2.1.2)
      net-ssh (>= 2.6.5)
    net-ssh (2.7.0)
    net-ssh-gateway (1.2.0)
      net-ssh (>= 2.6.5)
    open4 (1.3.0)
    rack (1.5.2)
    rb-fsevent (0.9.3)
    rb-inotify (0.9.2)
      ffi (>= 0.5.0)
    rb-kqueue (0.2.0)
      ffi (>= 0.5.0)
    recap (1.0.12)
      capistrano (~> 2.9)
      open4
      thor
    rerun (0.8.2)
      listen (~> 1.0.3)
    sass (3.2.12)
    slop (3.4.6)
    thor (0.18.1)
    yui-compressor (0.9.6)
      POpen4 (>= 0.1.4)

PLATFORMS
  ruby

DEPENDENCIES
  pannier!
  recap (~> 1.0.5)
  rerun (~> 0.8.1)
  sass (~> 3.2.10)
  yui-compressor (~> 0.9.6)
